PATH
  remote: ../rcs-common
  specs:
    rcs-common (9.5.1)
      ffi
      log4r (>= 1.1.9)
      mail
      mime-types
      mongoid
      sbdb
      sys-cpu
      sys-filesystem

GEM
  remote: http://rubygems.org/
  specs:
    activemodel (4.1.8)
      activesupport (= 4.1.8)
      builder (~> 3.1)
    activesupport (4.1.8)
      i18n (~> 0.6, >= 0.6.9)
      json (~> 1.7, >= 1.7.7)
      minitest (~> 5.1)
      thread_safe (~> 0.1)
      tzinfo (~> 1.1)
    bdb (0.2.6.5)
      tuple (>= 0.1.2)
    bson (2.3.0)
    builder (3.2.2)
    coderay (1.1.0)
    connection_pool (2.1.0)
    em-http-server (0.1.8)
      eventmachine
    eventmachine (1.0.3)
    ffi (1.9.6)
    gene_pool (1.4.1)
      thread_safe
    i18n (0.6.11)
    json (1.8.1)
    log4r (1.1.10)
    mail (2.6.3)
      mime-types (>= 1.16, < 3)
    method_source (0.8.2)
    mime-types (2.4.3)
    minitest (5.5.0)
    mongoid (4.0.0)
      activemodel (~> 4.0)
      moped (~> 2.0.0)
      origin (~> 2.1)
      tzinfo (>= 0.3.37)
    moped (2.0.2)
      bson (~> 2.2)
      connection_pool (~> 2.0)
      optionable (~> 0.2.0)
    optionable (0.2.0)
    origin (2.1.1)
    persistent_http (2.0.1)
      gene_pool (>= 1.3)
    power_assert (0.1.4)
    pry (0.10.1)
      coderay (~> 1.1.0)
      method_source (~> 0.8.1)
      slop (~> 3.4)
    rake (10.3.2)
    ref (1.0.5)
    rubyzip (1.0.0)
    sbdb (0.0.12.2)
      bdb (>= 0.2.6.5)
      ref
    slop (3.6.0)
    sqlite3 (1.3.9)
    sys-cpu (0.7.1)
      ffi (>= 1.0.0)
    sys-filesystem (1.1.3)
      ffi
    test-unit (3.0.2)
      power_assert
    thread_safe (0.3.4)
    tuple (0.1.2)
    tzinfo (1.2.2)
      thread_safe (~> 0.1)
    uuidtools (2.1.5)

PLATFORMS
  ruby

DEPENDENCIES
  bundler (> 1.0.0)
  em-http-server (>= 0.1.7)
  eventmachine (>= 1.0.3)
  jdbc-sqlite3
  jruby-openssl
  json
  persistent_http
  pry
  rake
  rcs-common (>= 9.3.0)!
  rubyzip (= 1.0.0)
  sqlite3
  test-unit
  uuidtools
